GEM
  remote: https://rubygems.org/
  specs:
    blankslate (2.1.2.4)
    parslet (1.6.1)
      blankslate (~> 2.0)

PLATFORMS
  x86-mingw32

DEPENDENCIES
  parslet (>= 1.6.0)
